GEM
  remote: https://rubygems.org/
  specs:
    commonjs (0.2.7)
    font-awesome-less (4.2.0)
      less (~> 2.4.0)
    less (2.4.0)
      commonjs (~> 0.2.7)

PLATFORMS
  ruby

DEPENDENCIES
  font-awesome-less

BUNDLED WITH
   1.10.6
